GEM
  remote: https://rubygems.org/
  specs:
    bourbon (4.2.6)
      sass (~> 3.4)
      thor (~> 0.19)
    sass (3.4.19)
    thor (0.19.1)

PLATFORMS
  ruby

DEPENDENCIES
  bourbon (~> 4.2.0)
  sass (~> 3.4.14)

BUNDLED WITH
   1.10.6
